GEM
  remote: http://rubygems.org/
  specs:
    backports (3.0.3)
    coffee-script (2.2.0)
      coffee-script-source
      execjs
    coffee-script-source (1.5.0)
    eventmachine (1.0.1)
    execjs (1.4.0)
      multi_json (~> 1.0)
    kramdown (0.14.2)
    multi_json (1.6.1)
    paint (0.8.5)
    rack (1.5.2)
    rack-flash3 (1.0.3)
      rack
      rack
    rack-protection (1.4.0)
      rack
    rack-test (0.6.2)
      rack (>= 1.0)
    sass (3.2.6)
    sinatra (1.3.5)
      rack (~> 1.4)
      rack-protection (~> 1.3)
      tilt (~> 1.3, >= 1.3.3)
    sinatra-chassis (1.0.0)
      coffee-script (>= 2.2.0)
      paint (>= 0.8.5)
      rack-flash3 (>= 1.0.3)
      rack-test (>= 0.6.2)
      sass (>= 3.2.5)
      sinatra (>= 1.3.4)
    sinatra-contrib (1.3.2)
      backports (>= 2.0)
      eventmachine
      rack-protection
      rack-test
      sinatra (~> 1.3.0)
      tilt (~> 1.3)
    tilt (1.3.4)

PLATFORMS
  ruby

DEPENDENCIES
  coffee-script (>= 2.2.0)
  kramdown (>= 0.14.2)
  sass (>= 3.2.5)
  sinatra (>= 1.3.4)
  sinatra-chassis (>= 1.0.0.pre)
  sinatra-contrib (>= 1.3.2)
